GEM
  remote: http://rubygems.org/
  specs:
    backports (3.6.4)
    kgio (2.9.3)
    rack (1.2.1)
    raindrops (0.13.0)
    rake (10.4.2)
    sinatra (1.2.9)
      backports
      rack (~> 1.1, < 1.5)
      tilt (>= 1.2.2, < 2.0)
    tilt (1.4.1)
    unicorn (4.8.3)
      kgio (~> 2.6)
      rack
      raindrops (~> 0.7)

PLATFORMS
  ruby

DEPENDENCIES
  rack (= 1.2.1)
  rake
  sinatra
  unicorn
