GEM
  remote: https://rubygems.org/
  specs:
    kgio (2.11.2)
    mustermann (1.0.3)
    rack (2.1.4)
    rack-protection (2.0.5)
      rack
    raindrops (0.19.0)
    rake (12.3.3)
    sinatra (2.0.5)
      mustermann (~> 1.0)
      rack (~> 2.0)
      rack-protection (= 2.0.5)
      tilt (~> 2.0)
    tilt (2.0.9)
    unicorn (5.4.1)
      kgio (~> 2.6)
      raindrops (~> 0.7)

PLATFORMS
  ruby

DEPENDENCIES
  rack
  rake
  sinatra
  unicorn

BUNDLED WITH
   1.15.4
