GEM
  remote: http://rubygems.org/
  specs:
    activesupport (3.0.3)
    archive-tar-minitar (0.5.2)
    bcrypt-ruby (2.1.4)
    bson (1.2.0)
    bson_ext (1.2.0)
    coderay (0.9.7)
    columnize (0.3.2)
    daemons (1.1.0)
    eventmachine (0.12.10)
    git (1.2.5)
    haml (3.0.25)
    http_router (0.5.3)
      rack (>= 1.0.0)
      url_mount (~> 0.2.1)
    i18n (0.5.0)
    jnunemaker-validatable (1.8.4)
      activesupport (>= 2.3.4)
    kgio (2.1.1)
    linecache19 (0.5.11)
      ruby_core_source (>= 0.1.4)
    mail (2.2.15)
      activesupport (>= 2.3.6)
      i18n (>= 0.4.0)
      mime-types (~> 1.16)
      treetop (~> 1.4.8)
    mime-types (1.16)
    mongo (1.2.0)
      bson (>= 1.2.0)
    mongo_mapper (0.8.6)
      activesupport (>= 2.3.4)
      jnunemaker-validatable (~> 1.8.4)
      plucky (~> 0.3.6)
    nokogiri (1.4.4)
    padrino (0.9.20)
      padrino-admin (= 0.9.20)
      padrino-core (= 0.9.20)
      padrino-gen (= 0.9.20)
      padrino-helpers (= 0.9.20)
      padrino-mailer (= 0.9.20)
    padrino-admin (0.9.20)
      padrino-core (= 0.9.20)
      padrino-helpers (= 0.9.20)
    padrino-core (0.9.20)
      activesupport (>= 3.0.0)
      http_router (~> 0.5.0)
      sinatra (>= 1.1.0)
      thor (>= 0.14.3)
      tzinfo
    padrino-gen (0.9.20)
      bundler (>= 1.0.2)
      git
      padrino-core (= 0.9.20)
    padrino-helpers (0.9.20)
      i18n (>= 0.4.1)
      padrino-core (= 0.9.20)
    padrino-mailer (0.9.20)
      mail (>= 2.2.0)
      padrino-core (= 0.9.20)
    plucky (0.3.6)
      mongo (~> 1.1)
    polyglot (0.3.1)
    rack (1.2.1)
    rack-codehighlighter (0.4.7)
      nokogiri (>= 1.4.1)
      rack (>= 1.0.0)
    rack-debug19 (1.4.2)
      rack (>= 1.0)
      ruby-debug19 (>= 0.11.6)
    rack-flash (0.1.1)
      rack
    rake (0.8.7)
    ruby-debug-base19 (0.11.24)
      columnize (>= 0.3.1)
      linecache19 (>= 0.5.11)
      ruby_core_source (>= 0.1.4)
    ruby-debug19 (0.11.6)
      columnize (>= 0.3.1)
      linecache19 (>= 0.5.11)
      ruby-debug-base19 (>= 0.11.19)
    ruby_core_source (0.1.4)
      archive-tar-minitar (>= 0.5.2)
    sinatra (1.1.2)
      rack (~> 1.1)
      tilt (~> 1.2)
    thin (1.2.7)
      daemons (>= 1.0.9)
      eventmachine (>= 0.12.6)
      rack (>= 1.0.0)
    thor (0.14.6)
    tilt (1.2.2)
    treetop (1.4.9)
      polyglot (>= 0.3.1)
    tzinfo (0.3.24)
    unicorn (3.3.1)
      kgio (~> 2.1)
      rack
    url_mount (0.2.1)
      rack

PLATFORMS
  ruby

DEPENDENCIES
  bcrypt-ruby
  bson_ext
  coderay
  haml
  mongo_mapper
  padrino (= 0.9.20)
  rack-codehighlighter
  rack-debug19
  rack-flash
  rake
  ruby-debug19
  thin
  unicorn
